GEM
  remote: http://rubygems.org/
  specs:
    adsf (1.0.1)
      rack (>= 1.0.0)
    cri (2.0.2)
    haml (3.1.4)
    kramdown (0.13.4)
    nanoc (3.2.3)
      nanoc3 (>= 3.2.3)
    nanoc3 (3.2.3)
      cri (~> 2.0)
    rack (1.4.0)
    sass (3.1.12)

PLATFORMS
  ruby

DEPENDENCIES
  adsf
  haml
  kramdown
  nanoc
  sass
