GEM
  remote: http://rubygems.org/
  specs:
    adsf (1.0.1)
      rack (>= 1.0.0)
    colored (1.2)
    concurrent-ruby (1.0.5)
    cri (2.9.1)
      colored (~> 1.2)
    ddplugin (1.0.1)
    haml (3.1.4)
    hamster (3.0.0)
      concurrent-ruby (~> 1.0)
    kramdown (0.13.4)
    mime-types (1.17.2)
    nanoc (4.7.13)
      cri (~> 2.8)
      ddplugin (~> 1.0)
      hamster (~> 3.0)
      ref (~> 2.0)
    rack (1.4.0)
    ref (2.0.0)
    sass (3.4.24)

PLATFORMS
  ruby

DEPENDENCIES
  adsf
  haml
  kramdown
  mime-types
  nanoc
  sass

BUNDLED WITH
   1.14.6
